PATH
  remote: .
  specs:
    onceover-lookup (0.1.0)
      onceover (~> 3)

GEM
  remote: https://rubygems.org/
  specs:
    blockenspiel (0.5.0)
    colored (1.2)
    cri (2.15.2)
      colored (~> 1.2)
    deep_merge (1.2.1)
    diff-lcs (1.3)
    facter (2.5.1)
    faraday (0.13.1)
      multipart-post (>= 1.2, < 3)
    faraday_middleware (0.12.2)
      faraday (>= 0.7.4, < 1.0)
    fast_gettext (1.1.2)
    gettext (3.2.9)
      locale (>= 2.0.5)
      text (>= 1.3.0)
    gettext-setup (0.30)
      fast_gettext (~> 1.1.0)
      gettext (>= 3.0.2)
      locale
    git (1.5.0)
    hiera (3.4.5)
    hocon (1.2.5)
    httpclient (2.8.3)
    json (2.1.0)
    little-plugger (1.1.4)
    locale (2.1.2)
    log4r (1.1.10)
    logging (2.2.2)
      little-plugger (~> 1.1)
      multi_json (~> 1.10)
    metaclass (0.0.4)
    minitar (0.7)
    mocha (1.7.0)
      metaclass (~> 0.0.1)
    multi_json (1.13.1)
    multipart-post (2.0.0)
    onceover (3.8.0)
      colored (~> 1.2)
      cri (>= 2.6)
      deep_merge (>= 1.0.0)
      git
      json (>= 1.8.2)
      logging (>= 2.0.0)
      parallel_tests (>= 2.0.0)
      puppet (>= 3.4.0)
      puppetlabs_spec_helper (>= 0.4.0)
      r10k (>= 2.1.0)
      rake (>= 10.0.0)
      rspec (>= 3.0.0)
      rspec-puppet (>= 2.4.0)
      rspec-puppet-utils (>= 2.0.0)
      rspec_junit_formatter (>= 0.2.0)
      table_print (>= 1.0.0)
      versionomy (>= 0.5.0)
    parallel (1.12.1)
    parallel_tests (2.27.0)
      parallel
    puppet (6.0.4)
      facter (> 2.0.1, < 4)
      fast_gettext (~> 1.1.2)
      hiera (>= 3.2.1, < 4)
      httpclient (~> 2.8)
      locale (~> 2.1)
      multi_json (~> 1.10)
      puppet-resource_api (~> 1.5)
      semantic_puppet (~> 1.0)
    puppet-lint (2.3.6)
    puppet-resource_api (1.6.2)
      hocon (>= 1.0)
    puppet-syntax (2.4.1)
      rake
    puppet_forge (2.2.9)
      faraday (>= 0.9.0, < 0.14.0)
      faraday_middleware (>= 0.9.0, < 0.13.0)
      gettext-setup (~> 0.11)
      minitar
      semantic_puppet (~> 1.0)
    puppetlabs_spec_helper (2.12.0)
      mocha (~> 1.0)
      puppet-lint (~> 2.0)
      puppet-syntax (~> 2.0)
      rspec-puppet (~> 2.0)
    r10k (3.0.3)
      colored (= 1.2)
      cri (~> 2.15.1)
      gettext-setup (~> 0.24)
      log4r (= 1.1.10)
      multi_json (~> 1.10)
      puppet_forge (~> 2.2.8)
    rake (10.5.0)
    rspec (3.8.0)
      rspec-core (~> 3.8.0)
      rspec-expectations (~> 3.8.0)
      rspec-mocks (~> 3.8.0)
    rspec-core (3.8.0)
      rspec-support (~> 3.8.0)
    rspec-expectations (3.8.2)
      diff-lcs (>= 1.2.0, < 2.0)
      rspec-support (~> 3.8.0)
    rspec-mocks (3.8.0)
      diff-lcs (>= 1.2.0, < 2.0)
      rspec-support (~> 3.8.0)
    rspec-puppet (2.7.1)
      rspec
    rspec-puppet-utils (3.4.0)
      mocha
      puppet
      puppetlabs_spec_helper
      rspec
      rspec-puppet
    rspec-support (3.8.0)
    rspec_junit_formatter (0.4.1)
      rspec-core (>= 2, < 4, != 2.12.0)
    semantic_puppet (1.0.2)
    table_print (1.5.6)
    text (1.3.1)
    versionomy (0.5.0)
      blockenspiel (~> 0.5)

PLATFORMS
  ruby

DEPENDENCIES
  bundler (~> 1.15)
  onceover-lookup!
  rake (~> 10.0)
  rspec (~> 3.0)

BUNDLED WITH
   1.16.6
